GEM
  remote: https://rubygems.org/
  specs:
    pg (0.19.0)
    rake (12.0.0)

PLATFORMS
  ruby

DEPENDENCIES
  pg
  rake

BUNDLED WITH
   1.13.6
